GEM
  remote: https://rubygems.org/
  specs:
    RedCloth (4.2.9)
    sqlite3 (1.3.10)

PLATFORMS
  ruby

DEPENDENCIES
  RedCloth
  sqlite3
