GEM
  remote: https://rubygems.org/
  specs:
    builder (3.2.2)
    net-ssh (2.9.2)
    pdf-core (0.5.1)
    pdfkit (0.7.0)
    prawn (2.0.1)
      pdf-core (~> 0.5.1)
      ttfunk (~> 1.4.0)
    redcarpet (3.3.1)
    sqlite3 (1.3.10)
    ttfunk (1.4.0)

PLATFORMS
  ruby

DEPENDENCIES
  builder
  net-ssh
  pdfkit
  prawn
  redcarpet
  sqlite3
