GEM
  remote: https://rubygems.org/
  specs:
    redcarpet (3.3.1)
    sqlite3 (1.3.10)

PLATFORMS
  ruby

DEPENDENCIES
  redcarpet
  sqlite3
