GEM
  remote: https://rubygems.org/
  specs:
    pdfkit (0.7.0)
    redcarpet (3.3.1)
    sqlite3 (1.3.10)

PLATFORMS
  ruby

DEPENDENCIES
  pdfkit
  redcarpet
  sqlite3
